PATH
  remote: .
  specs:
    evercraft (0.2.0)

GEM
  remote: http://rubygems.org/
  specs:
    ansi (1.5.0)
    ast (2.3.0)
    axiom-types (0.1.1)
      descendants_tracker (~> 0.0.4)
      ice_nine (~> 0.11.0)
      thread_safe (~> 0.3, >= 0.3.1)
    builder (3.2.2)
    codeclimate-engine-rb (0.3.1)
      virtus (~> 1.0)
    coderay (1.1.1)
    coercible (1.0.0)
      descendants_tracker (~> 0.0.1)
    colorize (0.8.1)
    descendants_tracker (0.0.4)
      thread_safe (~> 0.3, >= 0.3.1)
    equalizer (0.0.11)
    faker (1.6.6)
      i18n (~> 0.5)
    hanami-utils (0.8.0)
    hanami-validations (0.5.0)
      hanami-utils (~> 0.7)
    harshed (0.1.2)
      yamlable (>= 0.0.2)
    i18n (0.7.0)
    ice_nine (0.11.2)
    little-plugger (1.1.4)
    logging (2.1.0)
      little-plugger (~> 1.1)
      multi_json (~> 1.10)
    metaclass (0.0.4)
    method_source (0.8.2)
    minitest (5.9.0)
    minitest-reporters (1.1.10)
      ansi
      builder
      minitest (>= 5.0)
      ruby-progressbar
    mocha (1.1.0)
      metaclass (~> 0.0.1)
    multi_json (1.12.1)
    parser (2.3.1.2)
      ast (~> 2.2)
    powerpack (0.1.1)
    pry (0.10.4)
      coderay (~> 1.1.0)
      method_source (~> 0.8.1)
      slop (~> 3.4)
    rainbow (2.1.0)
    rake (10.5.0)
    random_name_generator (1.0.2)
    reek (4.2.1)
      codeclimate-engine-rb (~> 0.3.1)
      parser (~> 2.3.1, >= 2.3.1.2)
      rainbow (~> 2.0)
    rubocop (0.42.0)
      parser (>= 2.3.1.1, < 3.0)
      powerpack (~> 0.1)
      rainbow (>= 1.99.1, < 3.0)
      ruby-progressbar (~> 1.7)
      unicode-display_width (~> 1.0, >= 1.0.1)
    ruby-progressbar (1.8.1)
    slop (3.6.0)
    thread_safe (0.3.5)
    unicode-display_width (1.1.0)
    virtus (1.0.5)
      axiom-types (~> 0.1)
      coercible (~> 1.0)
      descendants_tracker (~> 0.0, >= 0.0.3)
      equalizer (~> 0.0, >= 0.0.9)
    yamlable (0.0.2)

PLATFORMS
  ruby

DEPENDENCIES
  bundler (>= 1.7.6)
  colorize
  evercraft!
  faker
  hanami-validations (~> 0.5.0)
  harshed (~> 0.1.2)
  logging (~> 2.1)
  minitest
  minitest-reporters
  mocha
  pry
  rake (~> 10.0)
  random_name_generator
  reek
  rubocop
  yamlable

BUNDLED WITH
   1.12.5
